GEM
  remote: https://rubygems.org/
  specs:
    addressable (2.3.5)
    atomic (1.1.14)
    buftok (0.2.0)
    crack (0.3.2)
    diff-lcs (1.2.5)
    domain_name (0.5.15)
      unf (>= 0.0.5, < 1.0.0)
    dotenv (0.9.0)
    equalizer (0.0.9)
    evernote-thrift (1.25.1)
    evernote_oauth (0.2.3)
      evernote-thrift
      oauth (>= 0.4.1)
    faraday (0.9.0)
      multipart-post (>= 1.2, < 3)
    geocoder (1.1.9)
    hatena-bookmark (0.1.2)
      crack (~> 0.3.1)
      oauth (~> 0.4.5)
    http (0.5.0)
      http_parser.rb
    http-cookie (1.0.2)
      domain_name (~> 0.5)
    http_parser.rb (0.6.0)
    json (1.8.1)
    mechanize (2.7.3)
      domain_name (~> 0.5, >= 0.5.1)
      http-cookie (~> 1.0)
      mime-types (~> 2.0)
      net-http-digest_auth (~> 1.1, >= 1.1.1)
      net-http-persistent (~> 2.5, >= 2.5.2)
      nokogiri (~> 1.4)
      ntlm-http (~> 0.1, >= 0.1.1)
      webrobots (>= 0.0.9, < 0.2)
    memoizable (0.4.0)
      thread_safe (~> 0.1.3)
    mime-types (2.1)
    mini_portile (0.5.2)
    moves (0.0.4)
      rest-client
    multipart-post (2.0.0)
    naught (1.0.0)
    net-http-digest_auth (1.4)
    net-http-persistent (2.9.4)
    nokogiri (1.6.1)
      mini_portile (~> 0.5.0)
    ntlm-http (0.1.1)
    oauth (0.4.7)
    rest-client (1.6.7)
      mime-types (>= 1.16)
    rspec (2.14.1)
      rspec-core (~> 2.14.0)
      rspec-expectations (~> 2.14.0)
      rspec-mocks (~> 2.14.0)
    rspec-core (2.14.7)
    rspec-expectations (2.14.5)
      diff-lcs (>= 1.1.3, < 2.0)
    rspec-mocks (2.14.5)
    simple_oauth (0.2.0)
    thread_safe (0.1.3)
      atomic
    twitter (5.7.0)
      addressable (~> 2.3)
      buftok (~> 0.2.0)
      equalizer (~> 0.0.9)
      faraday (~> 0.9.0)
      http (~> 0.5.0)
      http_parser.rb (~> 0.6.0)
      json (~> 1.8)
      memoizable (~> 0.4.0)
      naught (~> 1.0)
      simple_oauth (~> 0.2.0)
    unf (0.1.3)
      unf_ext
    unf_ext (0.0.6)
    webrobots (0.1.1)

PLATFORMS
  ruby

DEPENDENCIES
  dotenv
  evernote_oauth
  geocoder
  hatena-bookmark
  mechanize
  moves
  rspec
  twitter
