GEM
  remote: https://rubygems.org/
  specs:
    evernote-thrift (1.25.1)
    evernote_oauth (0.2.3)
      evernote-thrift
      oauth (>= 0.4.1)
    oauth (0.4.7)

PLATFORMS
  ruby

DEPENDENCIES
  evernote_oauth
